NUGET
  remote: https://nuget.org/api/v2
  specs:
    Autofac (3.5.2)
    FSharpx (1.2.1.110910)
    FSharpx.Core (1.8.41)
    FSPowerPack.Community (3.0.0.0)
      FSPowerPack.Linq.Community 
      FSPowerPack.Metadata.Community 
      FSPowerPack.Parallel.Seq.Community 
    FSPowerPack.Core.Community (3.0.0.0)
    FSPowerPack.Linq.Community (3.0.0.0)
      FSPowerPack.Core.Community 
    FSPowerPack.Metadata.Community (3.0.0.0)
      FSPowerPack.Core.Community 
    FSPowerPack.Parallel.Seq.Community (3.0.0.0)
      FSPowerPack.Core.Community 
    UnionArgParser (0.8.2)
